GEM
  remote: https://rubygems.org/
  specs:
    wiringpi (1.1.0)

PLATFORMS
  ruby

DEPENDENCIES
  wiringpi
